PATH
  remote: .
  specs:
    ghi (1.2.0)
      pygments.rb

GEM
  remote: https://rubygems.org/
  specs:
    codecov (0.1.21)
      json
      simplecov
    diff-lcs (1.5.0)
    docile (1.4.0)
    hpricot (0.8.6)
    json (2.3.0)
    mustache (1.1.1)
    pygments.rb (2.3.0)
    rake (13.0.6)
    rdiscount (2.2.0.2)
    ronn (0.7.3)
      hpricot (>= 0.8.2)
      mustache (>= 0.7.0)
      rdiscount (>= 1.5.8)
    rspec (3.11.0)
      rspec-core (~> 3.11.0)
      rspec-expectations (~> 3.11.0)
      rspec-mocks (~> 3.11.0)
    rspec-core (3.11.0)
      rspec-support (~> 3.11.0)
    rspec-expectations (3.11.0)
      diff-lcs (>= 1.2.0, < 2.0)
      rspec-support (~> 3.11.0)
    rspec-mocks (3.11.0)
      diff-lcs (>= 1.2.0, < 2.0)
      rspec-support (~> 3.11.0)
    rspec-support (3.11.0)
    rspec_junit_formatter (0.3.0)
      rspec-core (>= 2, < 4, != 2.12.0)
    simplecov (0.21.2)
      docile (~> 1.1)
      simplecov-html (~> 0.11)
      simplecov_json_formatter (~> 0.1)
    simplecov-html (0.12.3)
    simplecov_json_formatter (0.1.4)

PLATFORMS
  ruby

DEPENDENCIES
  codecov (~> 0.1.10)
  ghi!
  json (= 2.3.0)
  rake
  ronn
  rspec (~> 3.6)
  rspec_junit_formatter (~> 0.3.0)

BUNDLED WITH
   2.2.16
