PATH
  remote: .
  specs:
    ghi (1.2.0)
      pygments.rb

GEM
  remote: https://rubygems.org/
  specs:
    codecov (0.1.10)
      json
      simplecov
      url
    diff-lcs (1.3)
    docile (1.1.5)
    hpricot (0.8.6)
    json (2.3.0)
    multi_json (1.12.2)
    mustache (1.0.5)
    pygments.rb (1.2.0)
      multi_json (>= 1.0.0)
    rake (12.1.0)
    rdiscount (2.2.0.1)
    ronn (0.7.3)
      hpricot (>= 0.8.2)
      mustache (>= 0.7.0)
      rdiscount (>= 1.5.8)
    rspec (3.6.0)
      rspec-core (~> 3.6.0)
      rspec-expectations (~> 3.6.0)
      rspec-mocks (~> 3.6.0)
    rspec-core (3.6.0)
      rspec-support (~> 3.6.0)
    rspec-expectations (3.6.0)
      diff-lcs (>= 1.2.0, < 2.0)
      rspec-support (~> 3.6.0)
    rspec-mocks (3.6.0)
      diff-lcs (>= 1.2.0, < 2.0)
      rspec-support (~> 3.6.0)
    rspec-support (3.6.0)
    rspec_junit_formatter (0.3.0)
      rspec-core (>= 2, < 4, != 2.12.0)
    simplecov (0.15.1)
      docile (~> 1.1.0)
      json (>= 1.8, < 3)
      simplecov-html (~> 0.10.0)
    simplecov-html (0.10.2)
    url (0.3.2)

PLATFORMS
  ruby

DEPENDENCIES
  codecov (~> 0.1.10)
  ghi!
  json (= 2.3.0)
  rake
  ronn
  rspec (~> 3.6)
  rspec_junit_formatter (~> 0.3.0)

BUNDLED WITH
   1.15.4
